GEM
  remote: http://rubygems.org/
  specs:
    chunky_png (1.2.6)
    compass (0.12.2)
      chunky_png (~> 1.2)
      fssm (>= 0.2.7)
      sass (~> 3.1)
    fssm (0.2.9)
    git-scribe (0.1.1)
      liquid
      nokogiri
    liquid (2.4.1)
    nokogiri (1.5.5)
    rake (0.9.2.2)
    sass (3.2.1)

PLATFORMS
  ruby

DEPENDENCIES
  compass
  git-scribe
  rake
